PATH
  remote: .
  specs:
    knocked_out (0.0.1)

GEM
  remote: https://rubygems.org/
  specs:
    coffee-script (2.4.1)
      coffee-script-source
      execjs
    coffee-script-source (1.9.1.1)
    execjs (2.5.2)
    rake (10.3.2)

PLATFORMS
  ruby

DEPENDENCIES
  bundler (~> 1.7)
  coffee-script
  knocked_out!
  rake (~> 10.0)

BUNDLED WITH
   1.10.2
